GEM
  remote: http://rubygems.org/
  specs:
    addressable (2.2.6)
    bluecloth (2.1.0)
    em-websocket (0.2.1)
      addressable (>= 2.1.1)
      eventmachine (>= 0.12.9)
    eventmachine (0.12.10)
    gli (1.3.0)
    guard (0.3.4)
      thor (~> 0.14.6)
    guard-livereload (0.1.11)
      em-websocket (~> 0.2.0)
      guard (>= 0.2.2)
      json (~> 1.5.1)
    json (1.5.1)
    nokogiri (1.4.4)
    pdfkit (0.5.0)
    rack (1.3.0)
    rb-fsevent (0.4.0)
    rmagick (2.13.1)
    showoff (0.4.2)
      bluecloth
      gli (>= 1.2.5)
      json
      nokogiri
      sinatra
    sinatra (1.2.6)
      rack (~> 1.1)
      tilt (>= 1.2.2, < 2.0)
    thor (0.14.6)
    tilt (1.3.2)

PLATFORMS
  ruby

DEPENDENCIES
  guard
  guard-livereload
  pdfkit
  rb-fsevent
  rmagick
  showoff
